GIT
  remote: git://github.com/astevens/padrino-warden.git
  revision: 97dd2aff56e22b462c69a7698e6e90343c9a7117
  specs:
    padrino-warden (0.1.0)
      sinatra (>= 0.9.4)
      warden (>= 0.10.3)

GEM
  remote: http://rubygems.org/
  specs:
    SystemTimer (1.2.3)
    activemodel (3.0.7)
      activesupport (= 3.0.7)
      builder (~> 2.1.2)
      i18n (~> 0.5.0)
    activesupport (3.0.7)
    awesome_print (0.3.2)
    bond (0.4.1)
    bson (1.3.0)
    bson_ext (1.3.0)
    builder (2.1.2)
    carrierwave (0.5.3)
      activesupport (~> 3.0)
    chunky_png (1.1.1)
    compass (0.11.1)
      chunky_png (~> 1.1)
      fssm (>= 0.2.7)
      sass (~> 3.1)
    daemons (1.1.3)
    diff-lcs (1.1.2)
    eventmachine (0.12.10)
    excon (0.6.3)
    fog (0.7.2)
      builder
      excon (>= 0.6.1)
      formatador (>= 0.1.3)
      json
      mime-types
      net-ssh (>= 2.1.3)
      nokogiri (>= 1.4.4)
      ruby-hmac
    formatador (0.1.3)
    fssm (0.2.7)
    grit (2.4.1)
      diff-lcs (~> 1.1)
      mime-types (~> 1.15)
    haml (3.1.1)
    http_router (0.7.5)
      rack (>= 1.0.0)
      url_mount (~> 0.2.1)
    i18n (0.5.0)
    json (1.5.1)
    mail (2.3.0)
      i18n (>= 0.4.0)
      mime-types (~> 1.16)
      treetop (~> 1.4.8)
    mime-types (1.16)
    mongo (1.3.0)
      bson (>= 1.3.0)
    mongoid (2.0.0)
      activemodel (~> 3.0)
      mongo (~> 1.2)
      tzinfo (~> 0.3.22)
      will_paginate (~> 3.0.pre)
    net-ssh (2.1.4)
    nokogiri (1.4.4)
    padrino (0.9.26)
      padrino-admin (= 0.9.26)
      padrino-cache (= 0.9.26)
      padrino-core (= 0.9.26)
      padrino-gen (= 0.9.26)
      padrino-helpers (= 0.9.26)
      padrino-mailer (= 0.9.26)
    padrino-admin (0.9.26)
      padrino-core (= 0.9.26)
      padrino-helpers (= 0.9.26)
    padrino-cache (0.9.26)
      padrino-core (= 0.9.26)
    padrino-core (0.9.26)
      activesupport (>= 3.0.0)
      http_router (~> 0.7.5)
      sinatra (~> 1.2.3)
      thor (>= 0.14.3)
      tilt (~> 1.3.0)
      tzinfo
    padrino-gen (0.9.26)
      bundler (>= 1.0.2)
      grit
      padrino-core (= 0.9.26)
    padrino-helpers (0.9.26)
      i18n (>= 0.4.1)
      padrino-core (= 0.9.26)
    padrino-mailer (0.9.26)
      mail (>= 2.2.0)
      padrino-core (= 0.9.26)
    polyglot (0.3.1)
    rack (1.2.2)
    rack-flash (0.1.1)
      rack
    rack-test (0.5.7)
      rack (>= 1.0)
    rake (0.8.7)
    rspec (2.5.0)
      rspec-core (~> 2.5.0)
      rspec-expectations (~> 2.5.0)
      rspec-mocks (~> 2.5.0)
    rspec-core (2.5.1)
    rspec-expectations (2.5.0)
      diff-lcs (~> 1.1.2)
    rspec-mocks (2.5.0)
    ruby-hmac (0.4.0)
    sass (3.1.1)
    sinatra (1.2.5)
      rack (~> 1.1)
      tilt (>= 1.2.2, < 2.0)
    thin (1.2.11)
      daemons (>= 1.0.9)
      eventmachine (>= 0.12.6)
      rack (>= 1.0.0)
    thor (0.14.6)
    tilt (1.3)
    treetop (1.4.9)
      polyglot (>= 0.3.1)
    tzinfo (0.3.27)
    url_mount (0.2.1)
      rack
    warden (1.0.3)
      rack (>= 1.0.0)
    will_paginate (3.0.pre2)

PLATFORMS
  ruby

DEPENDENCIES
  SystemTimer
  awesome_print
  bond
  bson_ext
  carrierwave
  compass
  fog
  haml
  mongoid (= 2.0.0)
  padrino (= 0.9.26)
  padrino-warden!
  rack-flash
  rack-test
  rake
  rspec
  thin
